GEM
  specs:
    dotenv (3.1.7)

PLATFORMS
  ruby
  x86_64-linux

DEPENDENCIES
  dotenv

BUNDLED WITH
   2.6.5
